{
    "Modality": "MR",
    "MagneticFieldStrength": 3,
    "ImagingFrequency": 123.257555,
    "Manufacturer": "Siemens",
    "ManufacturersModelName": "Prisma_fit",
    "InstitutionName": "UCLA Psychology - Psychiatry",
    "InstitutionalDepartmentName": "MRI",
    "InstitutionAddress": "Westwood Blvd 740,Los Angeles,Los Angeles,US,90095",
    "DeviceSerialNumber": "67089",
    "StationName": "MRC35426",
    "BodyPartExamined": "BRAIN",
    "PatientPosition": "HFS",
    "ProcedureStepDescription": "Silvers^IRA_CMRR_101922",
    "SoftwareVersions": "syngo MR E11",
    "MRAcquisitionType": "2D",
    "SeriesDescription": "Solo3",
    "ProtocolName": "Solo3",
    "ScanningSequence": "EP",
    "SequenceVariant": "SK\\SS",
    "ScanOptions": "FS",
    "SequenceName": "epfid2d1_96",
    "ImageType": [
        "ORIGINAL",
        "PRIMARY",
        "M",
        "MB",
        "ND",
        "NORM",
        "MOSAIC"
    ],
    "NonlinearGradientCorrection": false,
    "SeriesNumber": 20,
    "AcquisitionTime": "16:09:51.722500",
    "AcquisitionNumber": 1,
    "ImageComments": "Unaliased MB4/PE3/LB",
    "SliceThickness": 2,
    "SpacingBetweenSlices": 2,
    "SAR": 0.11095,
    "EchoTime": 0.034,
    "RepetitionTime": 1.41,
    "FlipAngle": 78,
    "PartialFourier": 1,
    "BaseResolution": 96,
    "ShimSetting": [
        6224,
        -3186,
        7499,
        330,
        -39,
        -363,
        74,
        48
    ],
    "TxRefAmp": 260.189,
    "PhaseResolution": 1,
    "ReceiveCoilName": "Head_32",
    "ReceiveCoilActiveElements": "HEA;HEP",
    "PulseSequenceDetails": "%CustomerSeq%\\cmrr_mbep2d_bold",
    "WipMemBlock": "107399f1-b520-4b53-9225-c671805b87e1||Sequence: R016 ve11c/master r/e634e98; Dec 19 2017 11:00:25 by eja",
    "CoilCombinationMethod": "Sum of Squares",
    "ConsistencyInfo": "N4_VE11C_LATEST_20160120",
    "MatrixCoilMode": "SENSE",
    "MultibandAccelerationFactor": 4,
    "PercentPhaseFOV": 100,
    "PercentSampling": 100,
    "EchoTrainLength": 96,
    "PhaseEncodingSteps": 96,
    "AcquisitionMatrixPE": 96,
    "ReconMatrixPE": 96,
    "BandwidthPerPixelPhaseEncode": 18.939,
    "EffectiveEchoSpacing": 0.000550011,
    "DerivedVendorReportedEchoSpacing": 0.000550011,
    "TotalReadoutTime": 0.0522511,
    "PixelBandwidth": 2265,
    "DwellTime": 2.3e-06,
    "PhaseEncodingDirection": "j-",
    "SliceTiming": [
        0,
        1.005,
        0.6175,
        0.2325,
        1.235,
        0.85,
        0.4625,
        0.0775,
        1.08,
        0.695,
        0.31,
        1.3125,
        0.9275,
        0.54,
        0.155,
        1.1575,
        0.7725,
        0.385,
        0,
        1.005,
        0.6175,
        0.2325,
        1.235,
        0.85,
        0.4625,
        0.0775,
        1.08,
        0.695,
        0.31,
        1.3125,
        0.9275,
        0.54,
        0.155,
        1.1575,
        0.7725,
        0.385,
        0,
        1.005,
        0.6175,
        0.2325,
        1.235,
        0.85,
        0.4625,
        0.0775,
        1.08,
        0.695,
        0.31,
        1.3125,
        0.9275,
        0.54,
        0.155,
        1.1575,
        0.7725,
        0.385,
        0,
        1.005,
        0.6175,
        0.2325,
        1.235,
        0.85,
        0.4625,
        0.0775,
        1.08,
        0.695,
        0.31,
        1.3125,
        0.9275,
        0.54,
        0.155,
        1.1575,
        0.7725,
        0.385
    ],
    "ImageOrientationPatientDICOM": [
        0.997092,
        -0.0354899,
        0.067433,
        0.0492892,
        0.975251,
        -0.215539
    ],
    "ImageOrientationText": "Tra>Cor(-12.6)>Sag(3.3)",
    "InPlanePhaseEncodingDirectionDICOM": "COL",
    "BidsGuess": [
        "func",
        "_acq-epfid2m4_dir-AP_run-20_bold"
    ],
    "ConversionSoftware": "dcm2niix",
    "ConversionSoftwareVersion": "v1.0.20240202",
    "Dcm2bidsVersion": "3.1.1",
    "TaskName": "solo",
    "Units": "Hz"
}