{
    "Modality": "MR",
    "MagneticFieldStrength": 3,
    "ImagingFrequency": 123.258145,
    "Manufacturer": "Siemens",
    "ManufacturersModelName": "Prisma_fit",
    "InstitutionName": "UCLA Psychology - Psychiatry",
    "InstitutionalDepartmentName": "MRI",
    "InstitutionAddress": "Westwood Blvd 740,Los Angeles,Los Angeles,US,90095",
    "DeviceSerialNumber": "67089",
    "StationName": "MRC35426",
    "BodyPartExamined": "BRAIN",
    "PatientPosition": "HFS",
    "ProcedureStepDescription": "Silvers^IRA_CMRR_101922",
    "SoftwareVersions": "syngo MR E11",
    "MRAcquisitionType": "2D",
    "SeriesDescription": "Help2",
    "ProtocolName": "Help2",
    "ScanningSequence": "EP",
    "SequenceVariant": "SK\\SS",
    "ScanOptions": "FS",
    "SequenceName": "epfid2d1_96",
    "ImageType": [
        "ORIGINAL",
        "PRIMARY",
        "M",
        "MB",
        "ND",
        "NORM",
        "MOSAIC"
    ],
    "NonlinearGradientCorrection": false,
    "SeriesNumber": 18,
    "AcquisitionTime": "17:02:7.215000",
    "AcquisitionNumber": 1,
    "ImageComments": "Unaliased MB4/PE3/LB",
    "SliceThickness": 2,
    "SpacingBetweenSlices": 2,
    "SAR": 0.0802199,
    "EchoTime": 0.034,
    "RepetitionTime": 1.41,
    "FlipAngle": 78,
    "PartialFourier": 1,
    "BaseResolution": 96,
    "ShimSetting": [
        6216,
        -3088,
        7350,
        575,
        -17,
        6,
        -98,
        0
    ],
    "TxRefAmp": 243.994,
    "PhaseResolution": 1,
    "ReceiveCoilName": "Head_32",
    "ReceiveCoilActiveElements": "HEA;HEP",
    "PulseSequenceDetails": "%CustomerSeq%\\cmrr_mbep2d_bold",
    "WipMemBlock": "02a55a69-43a4-48f6-b95d-0670b7928e59||Sequence: R016 ve11c/master r/e634e98; Dec 19 2017 11:00:25 by eja",
    "CoilCombinationMethod": "Sum of Squares",
    "ConsistencyInfo": "N4_VE11C_LATEST_20160120",
    "MatrixCoilMode": "SENSE",
    "MultibandAccelerationFactor": 4,
    "PercentPhaseFOV": 100,
    "PercentSampling": 100,
    "EchoTrainLength": 96,
    "PhaseEncodingSteps": 96,
    "AcquisitionMatrixPE": 96,
    "ReconMatrixPE": 96,
    "BandwidthPerPixelPhaseEncode": 18.939,
    "EffectiveEchoSpacing": 0.000550011,
    "DerivedVendorReportedEchoSpacing": 0.000550011,
    "TotalReadoutTime": 0.0522511,
    "PixelBandwidth": 2265,
    "DwellTime": 2.3e-06,
    "PhaseEncodingDirection": "j-",
    "SliceTiming": [
        0,
        1.005,
        0.6175,
        0.2325,
        1.235,
        0.85,
        0.465,
        0.0775,
        1.0825,
        0.695,
        0.31,
        1.3125,
        0.9275,
        0.54,
        0.155,
        1.16,
        0.7725,
        0.3875,
        0,
        1.005,
        0.6175,
        0.2325,
        1.235,
        0.85,
        0.465,
        0.0775,
        1.0825,
        0.695,
        0.31,
        1.3125,
        0.9275,
        0.54,
        0.155,
        1.16,
        0.7725,
        0.3875,
        0,
        1.005,
        0.6175,
        0.2325,
        1.235,
        0.85,
        0.465,
        0.0775,
        1.0825,
        0.695,
        0.31,
        1.3125,
        0.9275,
        0.54,
        0.155,
        1.16,
        0.7725,
        0.3875,
        0,
        1.005,
        0.6175,
        0.2325,
        1.235,
        0.85,
        0.465,
        0.0775,
        1.0825,
        0.695,
        0.31,
        1.3125,
        0.9275,
        0.54,
        0.155,
        1.16,
        0.7725,
        0.3875
    ],
    "ImageOrientationPatientDICOM": [
        0.982785,
        0.184684,
        -0.00504137,
        -0.179843,
        0.950061,
        -0.25503
    ],
    "ImageOrientationText": "Tra>Cor(-14.6)>Sag(2.4)",
    "InPlanePhaseEncodingDirectionDICOM": "COL",
    "BidsGuess": [
        "func",
        "_acq-epfid2m4_dir-AP_run-18_bold"
    ],
    "ConversionSoftware": "dcm2niix",
    "ConversionSoftwareVersion": "v1.0.20240202",
    "Dcm2bidsVersion": "3.1.1",
    "TaskName": "help",
    "Units": "Hz"
}