{
    "Modality": "MR",
    "MagneticFieldStrength": 3,
    "ImagingFrequency": 123.25758,
    "Manufacturer": "Siemens",
    "ManufacturersModelName": "Prisma_fit",
    "InstitutionName": "UCLA Psychology - Psychiatry",
    "InstitutionalDepartmentName": "MRI",
    "InstitutionAddress": "Westwood Blvd 740,Los Angeles,Los Angeles,US,90095",
    "DeviceSerialNumber": "67089",
    "StationName": "MRC35426",
    "BodyPartExamined": "BRAIN",
    "PatientPosition": "HFS",
    "ProcedureStepDescription": "Silvers^IRA",
    "SoftwareVersions": "syngo MR E11",
    "MRAcquisitionType": "2D",
    "SeriesDescription": "Help1",
    "ProtocolName": "Help1",
    "ScanningSequence": "EP",
    "SequenceVariant": "SK",
    "ScanOptions": "FS",
    "SequenceName": "*epfid2d1_96",
    "ImageType": [
        "ORIGINAL",
        "PRIMARY",
        "M",
        "ND",
        "NORM",
        "MOSAIC"
    ],
    "NonlinearGradientCorrection": false,
    "SeriesNumber": 14,
    "AcquisitionTime": "17:59:15.400000",
    "AcquisitionNumber": 1,
    "SliceThickness": 2,
    "SpacingBetweenSlices": 2,
    "SAR": 0.0843324,
    "EchoTime": 0.034,
    "RepetitionTime": 1.41,
    "FlipAngle": 78,
    "PartialFourier": 1,
    "BaseResolution": 96,
    "ShimSetting": [
        6196,
        -3045,
        7480,
        436,
        -22,
        -4,
        -135,
        15
    ],
    "TxRefAmp": 250.004,
    "PhaseResolution": 1,
    "ReceiveCoilName": "Head_32",
    "ReceiveCoilActiveElements": "HEA;HEP",
    "PulseSequenceDetails": "%SiemensSeq%\\ep2d_bold",
    "RefLinesPE": 12,
    "CoilCombinationMethod": "Sum of Squares",
    "ConsistencyInfo": "N4_VE11C_LATEST_20160120",
    "MultibandAccelerationFactor": 4,
    "PercentPhaseFOV": 100,
    "PercentSampling": 100,
    "EchoTrainLength": 96,
    "PhaseEncodingSteps": 96,
    "AcquisitionMatrixPE": 96,
    "ReconMatrixPE": 96,
    "BandwidthPerPixelPhaseEncode": 18.939,
    "EffectiveEchoSpacing": 0.000550011,
    "DerivedVendorReportedEchoSpacing": 0.000550011,
    "TotalReadoutTime": 0.0522511,
    "PixelBandwidth": 2265,
    "DwellTime": 2.3e-06,
    "PhaseEncodingDirection": "j-",
    "SliceTiming": [
        1.005,
        0,
        0.695,
        0.0775,
        0.7725,
        0.155,
        0.85,
        0.2325,
        0.9275,
        0.3875,
        1.0825,
        0.465,
        1.16,
        0.5425,
        1.2375,
        0.6175,
        1.3125,
        0.31,
        1.005,
        0,
        0.695,
        0.0775,
        0.7725,
        0.155,
        0.85,
        0.2325,
        0.9275,
        0.3875,
        1.0825,
        0.465,
        1.16,
        0.5425,
        1.2375,
        0.6175,
        1.3125,
        0.31,
        1.005,
        0,
        0.695,
        0.0775,
        0.7725,
        0.155,
        0.85,
        0.2325,
        0.9275,
        0.3875,
        1.0825,
        0.465,
        1.16,
        0.5425,
        1.2375,
        0.6175,
        1.3125,
        0.31,
        1.005,
        0,
        0.695,
        0.0775,
        0.7725,
        0.155,
        0.85,
        0.2325,
        0.9275,
        0.3875,
        1.0825,
        0.465,
        1.16,
        0.5425,
        1.2375,
        0.6175,
        1.3125,
        0.31
    ],
    "ImageOrientationPatientDICOM": [
        0.995648,
        -0.00491989,
        0.0930602,
        0.0241593,
        0.978091,
        -0.206769
    ],
    "ImageOrientationText": "Tra>Cor(-12.1)>Sag(5.2)",
    "InPlanePhaseEncodingDirectionDICOM": "COL",
    "BidsGuess": [
        "func",
        "_acq-epfid2m4_dir-AP_run-14_bold"
    ],
    "ConversionSoftware": "dcm2niix",
    "ConversionSoftwareVersion": "v1.0.20240202",
    "Dcm2bidsVersion": "3.1.1",
    "TaskName": "help",
    "Units": "Hz"
}